GIT
  remote: git://github.com/capistrano/composer.git
  revision: aa31fe43b669fe1caee7e5703256f16fef519133
  specs:
    capistrano-composer (0.0.6)
      capistrano (>= 3.0.0.pre)

GIT
  remote: git://github.com/capistrano/file-permissions.git
  revision: a03b91fd46cb47d05419db5af45379a142e2e72b
  specs:
    capistrano-file-permissions (0.1.1)
      capistrano (~> 3.0)

GIT
  remote: git://github.com/capistrano/symfony.git
  revision: 010f37a7477a34ca86e41ab4eed2a7ff7ae25ae3
  specs:
    capistrano-symfony (0.4.0)
      capistrano (~> 3.1)
      capistrano-composer (~> 0.0.3)
      capistrano-file-permissions (~> 0.1.0)

GEM
  remote: https://rubygems.org/
  specs:
    capistrano (3.4.0)
      i18n
      rake (>= 10.0.0)
      sshkit (~> 1.3)
    colorize (0.7.7)
    i18n (0.7.0)
    net-scp (1.2.1)
      net-ssh (>= 2.6.5)
    net-ssh (3.0.1)
    rake (10.4.2)
    sshkit (1.7.1)
      colorize (>= 0.7.0)
      net-scp (>= 1.1.2)
      net-ssh (>= 2.8.0)

PLATFORMS
  ruby

DEPENDENCIES
  capistrano (= 3.4.0)
  capistrano-composer (= 0.0.6)!
  capistrano-file-permissions (= 0.1.1)!
  capistrano-symfony (= 0.4.0)!

BUNDLED WITH
   1.10.6
